GEM
  remote: https://rubygems.org/
  specs:
    byebug (11.1.3)
    coderay (1.1.3)
    date (3.3.3)
    httparty (0.21.0)
      mini_mime (>= 1.0.0)
      multi_xml (>= 0.5.2)
    method_source (1.0.0)
    mini_mime (1.1.2)
    multi_xml (0.6.0)
    open-uri (0.3.0)
      stringio
      time
      uri
    pry (0.14.2)
      coderay (~> 1.1)
      method_source (~> 1.0)
    pry-byebug (3.10.1)
      byebug (~> 11.0)
      pry (>= 0.13, < 0.15)
    ruby-openai (3.7.0)
      httparty (>= 0.18.1)
    stringio (3.0.6)
    time (0.2.2)
      date
    uri (0.12.1)

PLATFORMS
  x86_64-darwin-22

DEPENDENCIES
  open-uri
  pry-byebug
  ruby-openai

RUBY VERSION
   ruby 3.2.2p53

BUNDLED WITH
   2.4.10
